GEM
  remote: https://rubygems.org/
  specs:
    ansi (1.5.0)
    builder (3.2.4)
    minitest (5.16.3)
    minitest-reporters (1.5.0)
      ansi
      builder
      minitest (>= 5.0)
      ruby-progressbar
    ruby-progressbar (1.11.0)
    shoulda-context (2.0.0)

PLATFORMS
  x86_64-linux

DEPENDENCIES
  minitest (= 5.16.3)
  minitest-reporters (= 1.5.0)
  shoulda-context (= 2.0.0)

BUNDLED WITH
   2.2.22
